GEM
  remote: https://rubygems.org/
  specs:
    builder (3.2.4)
    ci_reporter (2.0.0)
      builder (>= 2.1.2)
    ci_reporter_test_unit (1.0.1)
      ci_reporter (~> 2.0)
      test-unit (>= 2.5.5, < 4.0)
    mustermann (3.0.0)
      ruby2_keywords (~> 0.0.1)
    power_assert (1.2.0)
    rack (2.2.4)
    rack-protection (3.0.4)
      rack
    rack-test (1.1.0)
      rack (>= 1.0, < 3)
    ruby2_keywords (0.0.5)
    sinatra (3.0.4)
      mustermann (~> 3.0)
      rack (~> 2.2, >= 2.2.4)
      rack-protection (= 3.0.4)
      tilt (~> 2.0)
    test-unit (3.3.7)
      power_assert
    tilt (2.0.11)

PLATFORMS
  ruby

DEPENDENCIES
  ci_reporter_test_unit
  rack-test
  sinatra

BUNDLED WITH
   2.1.2
