GEM
  remote: https://rubygems.org/
  specs:
    backports (3.18.2)
    builder (3.2.4)
    ci_reporter (2.0.0)
      builder (>= 2.1.2)
    ci_reporter_test_unit (1.0.1)
      ci_reporter (~> 2.0)
      test-unit (>= 2.5.5, < 4.0)
    multi_json (1.15.0)
    mustermann (1.1.0)
      ruby2_keywords (~> 0.0.1)
    power_assert (1.2.0)
    rack (2.2.3)
    rack-protection (2.0.8.1)
      rack
    rack-test (1.1.0)
      rack (>= 1.0, < 3)
    ruby2_keywords (0.0.1)
    sinatra (2.0.8.1)
      mustermann (~> 1.0)
      rack (~> 2.0)
      rack-protection (= 2.0.8.1)
      tilt (~> 2.0)
    sinatra-contrib (2.0.8.1)
      backports (>= 2.8.2)
      multi_json
      mustermann (~> 1.0)
      rack-protection (= 2.0.8.1)
      sinatra (= 2.0.8.1)
      tilt (~> 2.0)
    test-unit (3.3.7)
      power_assert
    tilt (2.0.10)

PLATFORMS
  ruby

DEPENDENCIES
  ci_reporter_test_unit
  rack-test
  sinatra
  sinatra-contrib

BUNDLED WITH
   2.1.2
