GEM
  remote: https://rubygems.org/
  specs:
    builder (3.2.4)
    ci_reporter (2.0.0)
      builder (>= 2.1.2)
    ci_reporter_test_unit (1.0.1)
      ci_reporter (~> 2.0)
      test-unit (>= 2.5.5, < 4.0)
    docile (1.3.2)
    mustermann (1.1.1)
      ruby2_keywords (~> 0.0.1)
    power_assert (1.2.0)
    rack (2.2.3)
    rack-protection (2.1.0)
      rack
    rack-test (1.1.0)
      rack (>= 1.0, < 3)
    ruby2_keywords (0.0.2)
    simplecov (0.20.0)
      docile (~> 1.1)
      simplecov-html (~> 0.11)
      simplecov_json_formatter (~> 0.1)
    simplecov-html (0.12.3)
    simplecov_json_formatter (0.1.2)
    sinatra (2.1.0)
      mustermann (~> 1.0)
      rack (~> 2.2)
      rack-protection (= 2.1.0)
      tilt (~> 2.0)
    test-unit (3.3.7)
      power_assert
    tilt (2.0.10)

PLATFORMS
  ruby

DEPENDENCIES
  ci_reporter_test_unit
  rack-test
  simplecov
  sinatra

BUNDLED WITH
   2.1.2
